PATH
  remote: .
  specs:
    licensee (0.0.2)
      diffy (~> 3.0)
      levenshtein-ffi (~> 1.1)

GEM
  remote: https://rubygems.org/
  specs:
    activesupport (4.1.4)
      i18n (~> 0.6, >= 0.6.9)
      json (~> 1.7, >= 1.7.7)
      minitest (~> 5.1)
      thread_safe (~> 0.1)
      tzinfo (~> 1.1)
    coderay (1.1.0)
    diffy (3.0.6)
    ffi (1.9.3)
    i18n (0.6.11)
    json (1.8.1)
    levenshtein-ffi (1.1.0)
      ffi (~> 1.9)
    method_source (0.8.2)
    minitest (5.4.0)
    pry (0.10.0)
      coderay (~> 1.1.0)
      method_source (~> 0.8.1)
      slop (~> 3.4)
    rake (10.3.2)
    shoulda (3.5.0)
      shoulda-context (~> 1.0, >= 1.0.1)
      shoulda-matchers (>= 1.4.1, < 3.0)
    shoulda-context (1.2.1)
    shoulda-matchers (2.6.2)
      activesupport (>= 3.0.0)
    slop (3.6.0)
    thread_safe (0.3.4)
    tzinfo (1.2.2)
      thread_safe (~> 0.1)

PLATFORMS
  ruby

DEPENDENCIES
  licensee!
  pry (~> 0.9)
  rake (~> 10.3)
  shoulda (~> 3.5)
